GEM
  remote: http://rubygems.org/
  specs:
    diff-lcs (1.1.3)
    git (1.2.5)
    jeweler (1.8.3)
      bundler (~> 1.0)
      git (>= 1.2.5)
      rake
      rdoc
    json (1.7.0)
    nokogiri (1.5.2)
    rake (0.9.2.2)
    rdoc (3.12)
      json (~> 1.4)
    rspec (2.9.0)
      rspec-core (~> 2.9.0)
      rspec-expectations (~> 2.9.0)
      rspec-mocks (~> 2.9.0)
    rspec-core (2.9.0)
    rspec-expectations (2.9.1)
      diff-lcs (~> 1.1.3)
    rspec-mocks (2.9.0)
    vcr (2.0.1)

PLATFORMS
  ruby

DEPENDENCIES
  bundler (~> 1.1.3)
  jeweler (~> 1.8.3)
  nokogiri (~> 1.5.2)
  rdoc (~> 3.12)
  rspec (~> 2.9.0)
  vcr (~> 2.0.0)
